GEM
  remote: https://rubygems.org/
  specs:
    concurrent-ruby (1.0.5)
    i18n (1.0.1)
      concurrent-ruby (~> 1.0)
    ruby-enum (0.7.2)
      i18n

PLATFORMS
  ruby

DEPENDENCIES
  ruby-enum

BUNDLED WITH
   1.16.2
